GEM
  remote: http://rubygems.org/
  specs:
    nio4r (2.5.8)
    power_assert (2.0.3)
    puma (6.0.2)
      nio4r (~> 2.0)
    rack (3.0.4.1)
    rack-test (2.0.2)
      rack (>= 1.3)
    rake (13.0.6)
    sinatra (1.0)
      rack (>= 1.0)
    test-unit (3.5.7)
      power_assert

PLATFORMS
  ruby

DEPENDENCIES
  puma
  rack
  rack-test
  rake
  sinatra
  test-unit

RUBY VERSION
   ruby 3.1.3p185

BUNDLED WITH
   2.3.26
