GEM
  remote: http://rubygems.org/
  specs:
    power_assert (0.2.6)
    rack (1.5.2)
    rack-protection (1.5.0)
      rack
    rack-test (0.6.3)
      rack (>= 1.0)
    rake (12.0.0)
    sinatra (1.4.2)
      rack (~> 1.5, >= 1.5.2)
      rack-protection (~> 1.4)
      tilt (~> 1.3, >= 1.3.4)
    test-unit (3.1.5)
      power_assert
    tilt (1.3.6)

PLATFORMS
  ruby

DEPENDENCIES
  rack
  rack-test
  rake
  sinatra
  test-unit

BUNDLED WITH
   1.15.1
